GIT
  remote: https://github.com/tosuke-lab/net-ssh.git
  revision: 5426014a055e4e802ad24025129561a1aca56134
  ref: 5426014a
  specs:
    net-ssh (7.2.0.beta1)

GEM
  remote: https://rubygems.org/
  specs:
    ansi (1.5.0)
    bcrypt_pbkdf (1.1.0)
    ed25519 (1.3.0)
    hashie (5.0.0)
    hocho (0.3.8)
      hashie
      itamae
      net-ssh (>= 4.1.0)
      thor
    itamae (1.14.1)
      ansi
      hashie
      schash (~> 0.1.0)
      specinfra (>= 2.64.0, < 3.0.0)
      thor (>= 1.0.0)
    net-scp (4.0.0)
      net-ssh (>= 2.6.5, < 8.0.0)
    net-telnet (0.1.1)
    schash (0.1.2)
    sfl (2.3)
    specinfra (2.85.1)
      net-scp
      net-ssh (>= 2.7)
      net-telnet (= 0.1.1)
      sfl
    thor (1.2.2)

PLATFORMS
  arm64-darwin-22
  x86_64-linux

DEPENDENCIES
  bcrypt_pbkdf
  ed25519
  hocho
  net-ssh!

BUNDLED WITH
   2.4.13
